GEM
  remote: https://rubygems.org/
  specs:
    rake (10.1.0)
    vector2d (1.0.0)

PLATFORMS
  ruby

DEPENDENCIES
  rake
  vector2d
